GEM
  remote: https://rubygems.org/
  specs:
    adsf (1.2.1)
      rack (>= 1.0.0)
    colored (1.2)
    concurrent-ruby (1.0.2)
    cri (2.7.0)
      colored (~> 1.2)
    faraday (0.9.2)
      multipart-post (>= 1.2, < 3)
    faraday_middleware (0.9.2)
      faraday (>= 0.7.4, < 0.10)
    hamster (3.0.0)
      concurrent-ruby (~> 1.0)
    hashie (3.5.5)
    instagram (1.1.6)
      faraday (>= 0.7, < 0.10)
      faraday_middleware (>= 0.8, < 0.10)
      hashie (>= 0.4.0)
      multi_json (~> 1.0, >= 1.0.3)
    kramdown (1.12.0)
    multi_json (1.12.1)
    multipart-post (2.0.0)
    nanoc (4.3.2)
      cri (~> 2.3)
      hamster (~> 3.0)
      ref (~> 2.0)
    rack (2.0.1)
    ref (2.0.0)

PLATFORMS
  ruby

DEPENDENCIES
  adsf
  instagram
  kramdown
  nanoc

BUNDLED WITH
   1.13.7
